GEM
  remote: https://rubygems.org/
  specs:
    RedCloth (4.2.9)
    classifier (1.3.3)
      fast-stemmer (>= 1.0.0)
    coffee-script (2.2.0)
      coffee-script-source
      execjs
    coffee-script-source (1.6.2)
    commonjs (0.2.6)
    directory_watcher (1.5.1)
    execjs (1.4.0)
      multi_json (~> 1.0)
    fast-stemmer (1.0.2)
    jekyll (0.12.0)
      classifier (~> 1.3)
      directory_watcher (~> 1.1)
      kramdown (~> 0.13.4)
      liquid (~> 2.3)
      maruku (~> 0.5)
      pygments.rb (~> 0.3.2)
    jekyll-asset-pipeline (0.1.6)
      jekyll (~> 0.12)
      liquid (~> 2.4)
    kramdown (0.13.8)
    less (2.3.1)
      commonjs (~> 0.2.6)
    libv8 (3.11.8.17)
    liquid (2.4.1)
    maruku (0.6.0)
      syntax (>= 1.0.0)
    multi_json (1.7.2)
    posix-spawn (0.3.6)
    pygments.rb (0.3.7)
      posix-spawn (~> 0.3.6)
      yajl-ruby (~> 1.1.0)
    rdiscount (1.6.8)
    redcarpet (2.1.1)
    ref (1.0.4)
    syntax (1.0.0)
    therubyracer (0.11.4)
      libv8 (~> 3.11.8.12)
      ref
    yajl-ruby (1.1.0)

PLATFORMS
  ruby

DEPENDENCIES
  RedCloth (= 4.2.9)
  coffee-script (= 2.2.0)
  jekyll (= 0.12.0)
  jekyll-asset-pipeline (= 0.1.6)
  less (= 2.3.1)
  liquid (= 2.4.1)
  maruku (= 0.6.0)
  rdiscount (= 1.6.8)
  redcarpet (= 2.1.1)
  therubyracer
